GEM
  remote: http://rubygems.org/
  specs:
    Ascii85 (1.0.2)
    afm (0.2.0)
    coderay (1.1.0)
    hashery (2.1.1)
    pdf-reader (1.3.3)
      Ascii85 (~> 1.0.0)
      afm (~> 0.2.0)
      hashery (~> 2.0)
      ruby-rc4
      ttfunk
    prawn (0.12.0)
      pdf-reader (>= 0.9.0)
      ttfunk (~> 1.0.2)
    ruby-rc4 (0.1.5)
    thor (0.18.1)
    tp (0.6.1)
      coderay (~> 1.0)
      prawn (~> 0.12)
      thor (~> 0.17)
    ttfunk (1.0.3)

PLATFORMS
  ruby

DEPENDENCIES
  tp
